GEM
  remote: https://rubygems.org/
  specs:
    bacon (1.2.0)
    byebug (9.0.6)
    diff-lcs (1.2.5)
    dotenv (2.1.1)
    pg (0.19.0)
    rack (1.6.4)
    rack-protection (1.5.3)
      rack
    rake (11.3.0)
    rspec (3.5.0)
      rspec-core (~> 3.5.0)
      rspec-expectations (~> 3.5.0)
      rspec-mocks (~> 3.5.0)
    rspec-core (3.5.4)
      rspec-support (~> 3.5.0)
    rspec-expectations (3.5.0)
      diff-lcs (>= 1.2.0, < 2.0)
      rspec-support (~> 3.5.0)
    rspec-mocks (3.5.0)
      diff-lcs (>= 1.2.0, < 2.0)
      rspec-support (~> 3.5.0)
    rspec-support (3.5.0)
    sequel (4.39.0)
    shotgun (0.9.2)
      rack (>= 1.0)
    sinatra (1.4.7)
      rack (~> 1.5)
      rack-protection (~> 1.4)
      tilt (>= 1.3, < 3)
    sinatra-sequel (0.9.0)
      bacon
      sequel (>= 3.2.0)
      sinatra (>= 0.9.4)
    tilt (2.0.5)

PLATFORMS
  ruby

DEPENDENCIES
  byebug
  dotenv (~> 2.1, >= 2.1.1)
  pg (~> 0.19.0)
  rake (~> 11.3)
  rspec (~> 3.5)
  shotgun (~> 0.9.2)
  sinatra (~> 1.4, >= 1.4.7)
  sinatra-sequel (~> 0.9.0)

BUNDLED WITH
   1.13.2
